STORAGE: NONE
RESTRICTION: == net50
NUGET
  remote: https://api.nuget.org/v3/index.json
    FSharp.Core (5.0.1)
    Google.Protobuf (3.15.6)
      System.Memory (>= 4.5.3)
      System.Runtime.CompilerServices.Unsafe (>= 4.5.2)
    Grpc.Core (2.36.1)
      Grpc.Core.Api (>= 2.36.1)
      System.Memory (>= 4.5.3)
    Grpc.Core.Api (2.36.1)
      System.Memory (>= 4.5.3)
    Grpc.Net.Client (2.35)
      Grpc.Net.Common (>= 2.35)
      Microsoft.Extensions.Logging.Abstractions (>= 3.0.3)
      System.Diagnostics.DiagnosticSource (>= 4.5.1)
    Grpc.Net.Common (2.35)
      Grpc.Core.Api (>= 2.35)
    Grpc.Tools (2.36.1)
    MathNet.Numerics (4.15)
    MathNet.Numerics.FSharp (4.15)
      FSharp.Core (>= 4.3.3)
      MathNet.Numerics (>= 4.15)
    Microsoft.Extensions.Logging.Abstractions (5.0)
    Microsoft.NETCore.Platforms (5.0.1)
    Microsoft.Win32.SystemEvents (5.0)
      Microsoft.NETCore.Platforms (>= 5.0)
    NETStandard.Library (2.0.3)
      Microsoft.NETCore.Platforms (>= 1.1)
    protobuf-net (3.0.73)
      protobuf-net.Core (>= 3.0.73)
    protobuf-net.Core (3.0.73)
    protobuf-net.Grpc (1.0.147)
      Grpc.Core.Api (>= 2.34.1)
      protobuf-net (>= 2.4.6)
    protobuf-net.Grpc.Native (1.0.147)
      Grpc.Core (>= 2.34.1)
      protobuf-net.Grpc (>= 1.0.147)
    System.Diagnostics.DiagnosticSource (5.0.1)
    System.Drawing.Common (5.0.2)
      Microsoft.Win32.SystemEvents (>= 5.0)
    System.Formats.Asn1 (5.0)
    System.Memory (4.5.4)
    System.Numerics.Vectors (4.5)
    System.Private.ServiceModel (4.8.1)
      System.Numerics.Vectors (>= 4.5)
      System.Reflection.DispatchProxy (>= 4.7.1)
      System.Security.Cryptography.Xml (>= 4.7)
      System.Security.Principal.Windows (>= 4.7)
    System.Reflection.DispatchProxy (4.7.1)
    System.Runtime.CompilerServices.Unsafe (5.0)
    System.Security.AccessControl (5.0)
      Microsoft.NETCore.Platforms (>= 5.0)
      System.Security.Principal.Windows (>= 5.0)
    System.Security.Cryptography.Cng (5.0)
      System.Formats.Asn1 (>= 5.0)
    System.Security.Cryptography.Pkcs (5.0.1)
      System.Formats.Asn1 (>= 5.0)
      System.Security.Cryptography.Cng (>= 5.0)
    System.Security.Cryptography.Xml (5.0)
      System.Security.Cryptography.Pkcs (>= 5.0)
      System.Security.Permissions (>= 5.0)
    System.Security.Permissions (5.0)
      System.Security.AccessControl (>= 5.0)
      System.Windows.Extensions (>= 5.0)
    System.Security.Principal.Windows (5.0)
    System.ServiceModel.Primitives (4.8.1)
      System.Private.ServiceModel (>= 4.8.1)
    System.ValueTuple (4.5)
    System.Windows.Extensions (5.0)
      System.Drawing.Common (>= 5.0)
    TaskBuilder.fs (2.1)
      FSharp.Core (>= 4.1.17)
      NETStandard.Library (>= 1.6.1)
      System.ValueTuple (>= 4.4)
